PATH
  remote: .
  specs:
    sinatra-scaffold (0.0.1)

GEM
  remote: https://rubygems.org/
  specs:
    mysql2 (0.3.11)
    rack (1.4.1)
    rack-protection (1.2.0)
      rack
    rack-test (0.6.1)
      rack (>= 1.0)
    sequel (3.36.1)
    sinatra (1.3.2)
      rack (~> 1.3, >= 1.3.6)
      rack-protection (~> 1.2)
      tilt (~> 1.3, >= 1.3.3)
    sqlite3 (1.3.6)
    tilt (1.3.3)

PLATFORMS
  ruby

DEPENDENCIES
  mysql2 (= 0.3.11)
  rack-test (= 0.6.1)
  sequel (= 3.36.1)
  sinatra (= 1.3.2)
  sinatra-scaffold!
  sqlite3 (= 1.3.6)
